GEM
  remote: https://rubygems.org/
  specs:
    bindata (2.4.15)
    digest-crc (0.6.4)
      rake (>= 12.0.0, < 14.0.0)
    dotenv (2.8.1)
    histogram (0.2.4.1)
    innodb_ruby (0.12.0)
      bindata (>= 1.4.5, < 3.0)
      digest-crc (~> 0.4, >= 0.4.1)
      histogram (~> 0.2)
    mysql2 (0.5.5)
    rake (13.0.6)
    random_name_generator (2.0.1)

PLATFORMS
  x86_64-linux

DEPENDENCIES
  dotenv
  innodb_ruby (~> 0.12.0)
  mysql2
  random_name_generator

BUNDLED WITH
   2.2.33
